GIT
  remote: https://github.com/jpowers/coinbase-exchange-ruby
  revision: 032ccf90d7d928af1cc94380ea492321a80ab1b1
  specs:
    coinbase-exchange (0.2.0)
      bigdecimal
      em-http-request
      faye-websocket

PATH
  remote: .
  specs:
    autobuy (0.1.0)

GEM
  remote: https://rubygems.org/
  specs:
    addressable (2.7.0)
      public_suffix (>= 2.0.2, < 5.0)
    bigdecimal (2.0.0)
    coderay (1.1.2)
    cookiejar (0.3.3)
    dotenv (2.7.5)
    em-http-request (1.1.5)
      addressable (>= 2.3.4)
      cookiejar (!= 0.3.1)
      em-socksify (>= 0.3)
      eventmachine (>= 1.0.3)
      http_parser.rb (>= 0.6.0)
    em-socksify (0.3.2)
      eventmachine (>= 1.0.0.beta.4)
    eventmachine (1.2.7)
    faye-websocket (0.10.9)
      eventmachine (>= 0.12.0)
      websocket-driver (>= 0.5.1)
    http_parser.rb (0.6.0)
    method_source (0.9.2)
    minitest (5.14.0)
    pry (0.12.2)
      coderay (~> 1.1.0)
      method_source (~> 0.9.0)
    public_suffix (4.0.3)
    rake (10.5.0)
    websocket-driver (0.7.1)
      websocket-extensions (>= 0.1.0)
    websocket-extensions (0.1.5)

PLATFORMS
  ruby

DEPENDENCIES
  autobuy!
  bundler (~> 1.17)
  coinbase-exchange!
  dotenv
  minitest (~> 5.0)
  pry
  rake

BUNDLED WITH
   1.17.2
